PATH
  remote: .
  specs:
    ruby_go_game_server (0.1.0)
      async-websocket (~> 0.13)
      falcon (~> 0.34)
      ruby-go (~> 0.4)
      ruby-kafka (~> 0.7)
      sinatra (~> 2.0)

GEM
  remote: https://rubygems.org/
  specs:
    SgfParser (3.0.1)
    async (1.23.0)
      console (~> 1.0)
      nio4r (~> 2.3)
      timers (~> 4.1)
    async-container (0.14.1)
      async (~> 1.0)
      async-io (~> 1.4)
      process-group
    async-http (0.48.2)
      async (~> 1.19)
      async-io (~> 1.25)
      protocol-http (~> 0.12.0)
      protocol-http1 (~> 0.9.0)
      protocol-http2 (~> 0.9.0)
    async-io (1.27.0)
      async (~> 1.14)
    async-websocket (0.13.1)
      async-http (~> 0.43)
      async-io (~> 1.23)
      protocol-websocket (~> 0.7.0)
    build-environment (1.12.1)
    console (1.6.0)
    diff-lcs (1.3)
    digest-crc (0.4.1)
    falcon (0.34.3)
      async (~> 1.13)
      async-container (~> 0.14.0)
      async-http (~> 0.48.0)
      async-io (~> 1.22)
      build-environment (~> 1.11)
      localhost (~> 1.1)
      rack (>= 1.0)
      samovar (~> 2.1)
    ffi (1.11.2)
    localhost (1.1.6)
    mapping (1.1.1)
    mustermann (1.1.1)
      ruby2_keywords (~> 0.0.1)
    nio4r (2.5.2)
    process-group (1.2.1)
      process-terminal (~> 0.2.0)
    process-terminal (0.2.0)
      ffi
    protocol-hpack (1.4.1)
    protocol-http (0.12.3)
    protocol-http1 (0.9.0)
      protocol-http (~> 0.5)
    protocol-http2 (0.9.7)
      protocol-hpack (~> 1.4)
      protocol-http (~> 0.2)
    protocol-websocket (0.7.3)
      protocol-http (~> 0.2)
      protocol-http1 (~> 0.2)
    rack (2.2.3)
    rack-protection (2.2.0)
      rack
    rake (10.5.0)
    rspec (3.9.0)
      rspec-core (~> 3.9.0)
      rspec-expectations (~> 3.9.0)
      rspec-mocks (~> 3.9.0)
    rspec-core (3.9.0)
      rspec-support (~> 3.9.0)
    rspec-expectations (3.9.0)
      diff-lcs (>= 1.2.0, < 2.0)
      rspec-support (~> 3.9.0)
    rspec-mocks (3.9.0)
      diff-lcs (>= 1.2.0, < 2.0)
      rspec-support (~> 3.9.0)
    rspec-support (3.9.0)
    ruby-go (0.4.0)
      SgfParser (~> 3.0.0)
    ruby-kafka (0.7.10)
      digest-crc
    ruby2_keywords (0.0.5)
    samovar (2.1.2)
      console (~> 1.0)
      mapping (~> 1.0)
    sinatra (2.2.0)
      mustermann (~> 1.0)
      rack (~> 2.2)
      rack-protection (= 2.2.0)
      tilt (~> 2.0)
    tilt (2.0.10)
    timers (4.3.0)

PLATFORMS
  ruby

DEPENDENCIES
  bundler (~> 2.0)
  rake (~> 10.0)
  rspec (~> 3.0)
  ruby_go_game_server!

BUNDLED WITH
   2.0.1
